GEM
  remote: https://rubygems.org/
  specs:
    activemodel (7.2.2.1)
      activesupport (= 7.2.2.1)
    activesupport (7.2.2.1)
      base64
      benchmark (>= 0.3)
      bigdecimal
      concurrent-ruby (~> 1.0, >= 1.3.1)
      connection_pool (>= 2.2.5)
      drb
      i18n (>= 1.6, < 2)
      logger (>= 1.4.2)
      minitest (>= 5.1)
      securerandom (>= 0.3)
      tzinfo (~> 2.0, >= 2.0.5)
    base64 (0.2.0)
    benchmark (0.4.0)
    bigdecimal (3.1.9)
    bson (5.0.2)
    concurrent-ruby (1.3.5)
    connection_pool (2.5.0)
    dotenv (3.1.7)
    drb (2.2.1)
    i18n (1.14.7)
      concurrent-ruby (~> 1.0)
    json (2.10.2)
    logger (1.6.6)
    minitest (5.25.5)
    mongo (2.21.0)
      bson (>= 4.14.1, < 6.0.0)
    mongoid (9.0.6)
      activemodel (>= 5.1, < 8.1, != 7.0.0)
      concurrent-ruby (>= 1.0.5, < 2.0)
      mongo (>= 2.18.0, < 3.0.0)
    nio4r (2.7.4)
    puma (6.6.0)
      nio4r (~> 2.0)
    rack (3.1.12)
    rackup (2.2.1)
      rack (>= 3)
    roda (3.90.0)
      rack
    securerandom (0.4.1)
    tzinfo (2.0.6)
      concurrent-ruby (~> 1.0)
    yaml (0.4.0)

PLATFORMS
  ruby
  x86_64-darwin-24

DEPENDENCIES
  dotenv
  json
  mongoid
  puma
  rackup
  roda
  yaml

BUNDLED WITH
   2.6.2
